GEM
  remote: http://rubygems.org/
  specs:
    flickraw (0.8.4)
      json (>= 1.1.1)
    json (1.5.1)

PLATFORMS
  ruby

DEPENDENCIES
  flickraw
